GIT
  remote: git://github.com/sinatra/sinatra.git
  revision: 9929353e6c59f07b8f6d98002778e0dc4a7faf3a
  specs:
    sinatra (1.4.5)
      rack (~> 1.4)
      rack-protection (~> 1.4)
      tilt (>= 1.3, < 3)

GEM
  remote: https://rubygems.org/
  specs:
    activesupport (4.2.0)
      i18n (~> 0.7)
      json (~> 1.7, >= 1.7.7)
      minitest (~> 5.1)
      thread_safe (~> 0.3, >= 0.3.4)
      tzinfo (~> 1.1)
    backports (3.6.4)
    i18n (0.7.0)
    json (1.8.2)
    minitest (5.5.1)
    multi_json (1.10.1)
    open4 (1.3.4)
    rack (1.6.0)
    rack-protection (1.5.3)
      rack
    rack-test (0.6.3)
      rack (>= 1.0)
    rake (10.4.2)
    rake-remote_task (2.2.2)
      open4 (~> 1.0)
      rake (>= 0.8, < 11.0)
    redcarpet (3.2.2)
    shotgun (0.9)
      rack (>= 1.0)
    sinatra-contrib (1.4.2)
      backports (>= 2.0)
      multi_json
      rack-protection
      rack-test
      sinatra (~> 1.4.0)
      tilt (~> 1.3)
    slim (2.1.0)
      temple (~> 0.6.9)
      tilt (>= 1.3.3, < 2.1)
    temple (0.6.10)
    thread_safe (0.3.4)
    tilt (1.4.1)
    tzinfo (1.2.2)
      thread_safe (~> 0.1)
    vlad (2.6.4)
      rake (>= 0.8, < 11.0)
      rake-remote_task (~> 2.1)
    vlad-push (1.1.2)
      vlad (~> 2.0)

PLATFORMS
  ruby

DEPENDENCIES
  activesupport (~> 4.2)
  rake
  redcarpet (~> 3.2)
  shotgun
  sinatra!
  sinatra-contrib
  slim (~> 2.0)
  vlad
  vlad-push
